GEM
  remote: https://rubygems.org/
  specs:
    crass (1.0.6)
    nokogiri (1.15.4-arm64-darwin)
      racc (~> 1.4)
    nokogiri (1.15.4-x86_64-darwin)
      racc (~> 1.4)
    ox (2.14.17)
    racc (1.7.1)
    sanitize (6.0.2)
      crass (~> 1.0.2)
      nokogiri (>= 1.12.0)

PLATFORMS
  arm64-darwin-22
  x86_64-darwin-22

DEPENDENCIES
  ox
  sanitize

BUNDLED WITH
   2.3.26
